GEM
<<<<<<< HEAD
  remote: https://rubygems.org/
=======
>>>>>>> e21356cce261f65b6b7c54cf5f80fdfa3e642841
  specs:
    rack (1.6.4)
    rack-protection (1.5.3)
      rack
    shotgun (0.9.2)
      rack (>= 1.0)
    sinatra (1.4.7)
      rack (~> 1.5)
      rack-protection (~> 1.4)
      tilt (>= 1.3, < 3)
    tilt (2.0.5)

PLATFORMS
  ruby

DEPENDENCIES
  shotgun
  sinatra

<<<<<<< HEAD
RUBY VERSION
   ruby 2.3.1p112

=======
>>>>>>> e21356cce261f65b6b7c54cf5f80fdfa3e642841
BUNDLED WITH
   1.13.2
